GEM
  remote: https://rubygems.org/
  specs:
    adsf (1.2.1)
      rack (>= 1.0.0)
    colored (1.2)
    cri (2.7.1)
      colored (~> 1.2)
    haml (4.0.7)
      tilt
    nanoc (3.8.0)
      cri (~> 2.3)
    rack (1.6.5)
    tilt (2.0.6)

PLATFORMS
  ruby

DEPENDENCIES
  adsf
  haml
  nanoc (~> 3.x)

BUNDLED WITH
   1.14.3
